PATH
  remote: .
  specs:
    timendeploy (0.1.0)
      rack

GEM
  remote: https://rubygems.org/
  specs:
    bacon (1.2.0)
    rack (1.5.2)
    rake (10.0.3)

PLATFORMS
  ruby

DEPENDENCIES
  bacon
  rake
  timendeploy!
